PATH
  remote: .
  specs:
    adapter-redis (0.5.2)
      adapter (~> 0.7.0)
      redis (~> 3.0.7)

GEM
  remote: http://rubygems.org/
  specs:
    activesupport (4.1.1)
      i18n (~> 0.6, >= 0.6.9)
      json (~> 1.7, >= 1.7.7)
      minitest (~> 5.1)
      thread_safe (~> 0.1)
      tzinfo (~> 1.1)
    adapter (0.7.0)
    diff-lcs (1.2.5)
    i18n (0.6.9)
    json (1.8.1)
    log_buddy (0.7.0)
    minitest (5.3.4)
    redis (3.0.7)
    rspec (2.14.1)
      rspec-core (~> 2.14.0)
      rspec-expectations (~> 2.14.0)
      rspec-mocks (~> 2.14.0)
    rspec-core (2.14.8)
    rspec-expectations (2.14.5)
      diff-lcs (>= 1.1.3, < 2.0)
    rspec-mocks (2.14.6)
    thread_safe (0.3.3)
    timecop (0.7.1)
    tzinfo (1.1.0)
      thread_safe (~> 0.1)

PLATFORMS
  ruby

DEPENDENCIES
  activesupport (~> 4.1.1)
  adapter-redis!
  i18n (= 0.6.9)
  log_buddy (~> 0.7.0)
  rspec (~> 2.14.1)
  timecop (~> 0.7.1)
